GEM
  remote: https://rubygems.org/
  specs:
    CFPropertyList (2.2.8)
    facter (2.4.6)
      CFPropertyList (~> 2.2.6)
    faraday (0.9.2)
      multipart-post (>= 1.2, < 3)
    faraday_middleware (0.10.1)
      faraday (>= 0.7.4, < 1.0)
    fast_gettext (1.1.0)
    gettext (3.2.2)
      locale (>= 2.0.5)
      text (>= 1.3.0)
    gettext-setup (0.10)
      fast_gettext (~> 1.1.0)
      gettext (>= 3.0.2)
    hiera (3.2.2)
    json_pure (1.8.3)
    jsonlint (0.2.0)
      oj (~> 2)
      trollop (~> 2)
    kramdown (1.13.1)
    librarian-puppet (2.2.3)
      librarianp (>= 0.6.3)
      puppet_forge (~> 2.1)
      rsync
    librarianp (0.6.3)
      thor (~> 0.15)
    locale (2.1.2)
    mdl (0.4.0)
      kramdown (~> 1.12, >= 1.12.0)
      mixlib-cli (~> 1.7, >= 1.7.0)
      mixlib-config (~> 2.2, >= 2.2.1)
    minitar (0.5.4)
    mixlib-cli (1.7.0)
    mixlib-config (2.2.4)
    multipart-post (2.0.0)
    oj (2.18.0)
    puppet (4.8.1)
      CFPropertyList (~> 2.2.6)
      facter (> 2.0, < 4)
      hiera (>= 2.0, < 4)
      json_pure (~> 1.8)
    puppet-lint (2.0.2)
    puppet_forge (2.2.2)
      faraday (~> 0.9.0)
      faraday_middleware (>= 0.9.0, < 0.11.0)
      gettext-setup (>= 0.3)
      minitar
      semantic_puppet (~> 0.1.0)
    rake (12.0.0)
    rsync (1.0.9)
    semantic_puppet (0.1.4)
      gettext-setup (>= 0.3)
    text (1.3.1)
    thor (0.19.4)
    trollop (2.1.2)

PLATFORMS
  ruby

DEPENDENCIES
  jsonlint
  librarian-puppet
  mdl
  puppet
  puppet-lint
  rake

BUNDLED WITH
   1.13.6
